GIT
  remote: git://github.com/Shayol/Codebreaker
  revision: 4a5678f25c9114bad376dd0c1714c8c10d95f3e0
  specs:
    codebreaker (0.1.0)

GEM
  remote: https://rubygems.org/
  specs:
    rack (1.6.1)

PLATFORMS
  ruby

DEPENDENCIES
  bundler
  codebreaker!
  rack
