GIT
  remote: git://github.com/Shayol/Codebreaker
  revision: 4a5678f25c9114bad376dd0c1714c8c10d95f3e0
  specs:
    codebreaker (0.1.0)

GEM
  remote: https://rubygems.org/
  specs:
    activemodel (4.2.1)
      activesupport (= 4.2.1)
      builder (~> 3.1)
    activerecord (4.2.1)
      activemodel (= 4.2.1)
      activesupport (= 4.2.1)
      arel (~> 6.0)
    activesupport (4.2.1)
      i18n (~> 0.7)
      json (~> 1.7, >= 1.7.7)
      minitest (~> 5.1)
      thread_safe (~> 0.3, >= 0.3.4)
      tzinfo (~> 1.1)
    arel (6.0.0)
    builder (3.2.2)
    i18n (0.7.0)
    json (1.8.2)
    logger (1.2.8)
    minitest (5.7.0)
    pg (0.18.2)
    rack (1.6.1)
    thread_safe (0.3.5)
    tzinfo (1.2.2)
      thread_safe (~> 0.1)

PLATFORMS
  ruby

DEPENDENCIES
  activerecord
  bundler
  codebreaker!
  logger
  pg
  rack
