GIT
  remote: git://github.com/Shayol/Codebreaker
  revision: 10d42514701709b6be3a18ac8bb42e906b3d58e3
  specs:
    codebreaker (0.1.0)

GEM
  remote: https://rubygems.org/
  specs:
    rack (1.6.1)

PLATFORMS
  ruby

DEPENDENCIES
  bundler
  codebreaker!
  rack
